GEM
  specs:

PLATFORMS
  x86_64-linux

DEPENDENCIES

BUNDLED WITH
   2.3.5
